GEM
  remote: https://rubygems.org/
  specs:
    builder (3.2.2)
    faraday (0.9.0)
      multipart-post (>= 1.2, < 3)
    httparty (0.13.3)
      json (~> 1.8)
      multi_xml (>= 0.5.2)
    json (1.8.1)
    multi_xml (0.5.5)
    multipart-post (2.0.0)
    net-http-persistent (2.9.4)
    orchestrate (0.10.0)
      faraday (~> 0.9)
      net-http-persistent (~> 2.9)
    rack (1.6.0)
    rack-protection (1.5.3)
      rack
    sinatra (1.4.5)
      rack (~> 1.4)
      rack-protection (~> 1.4)
      tilt (~> 1.3, >= 1.3.4)
    tilt (1.4.1)
    twilio (3.1.1)
      builder (>= 2.1.2)
      httparty (>= 0.8)

PLATFORMS
  ruby

DEPENDENCIES
  orchestrate (= 0.10.0)
  sinatra (= 1.4.5)
  twilio (= 3.1.1)
