GEM
  remote: https://rubygems.org/
  specs:
    faraday (0.9.0)
      multipart-post (>= 1.2, < 3)
    multipart-post (2.0.0)
    net-http-persistent (2.9.4)
    orchestrate (0.10.0)
      faraday (~> 0.9)
      net-http-persistent (~> 2.9)
    rack (1.5.2)
    rack-protection (1.5.3)
      rack
    sinatra (1.4.5)
      rack (~> 1.4)
      rack-protection (~> 1.4)
      tilt (~> 1.3, >= 1.3.4)
    tilt (1.4.1)

PLATFORMS
  ruby

DEPENDENCIES
  orchestrate (= 0.10.0)
  sinatra (= 1.4.5)
